GEM
  remote: https://rubygems.org/
  specs:
    activesupport (5.0.0.1)
      concurrent-ruby (~> 1.0, >= 1.0.2)
      i18n (~> 0.7)
      minitest (~> 5.1)
      tzinfo (~> 1.1)
    binary_struct (2.1.0)
    byebug (9.0.5)
    coderay (1.1.1)
    colorize (0.8.1)
    concurrent-ruby (1.0.2)
    connection_pool (2.2.0)
    contracts (0.14.0)
    diff-lcs (1.2.5)
    dotenv (2.1.1)
    faker (1.6.6)
      i18n (~> 0.5)
    fasterer (0.3.2)
      colorize (~> 0.7)
      ruby_parser (~> 3.7)
    ffi (1.9.14)
    formatador (0.2.5)
    git-version-bump (0.15.1)
    guard (2.14.0)
      formatador (>= 0.2.4)
      listen (>= 2.7, < 4.0)
      lumberjack (~> 1.0)
      nenv (~> 0.1)
      notiffany (~> 0.0)
      pry (>= 0.9.12)
      shellany (~> 0.0)
      thor (>= 0.18.1)
    guard-compat (1.2.1)
    guard-puma (0.3.1)
      guard (~> 2.8)
      puma
    guard-rspec (4.7.3)
      guard (~> 2.1)
      guard-compat (~> 1.1)
      rspec (>= 2.99.0, < 4.0)
    hashie (3.4.6)
    httparty (0.14.0)
      multi_xml (>= 0.5.2)
    i18n (0.7.0)
    jsender (0.2.2)
    json (2.0.2)
    listen (3.1.5)
      rb-fsevent (~> 0.9, >= 0.9.4)
      rb-inotify (~> 0.9, >= 0.9.7)
      ruby_dep (~> 1.2)
    lumberjack (1.0.10)
    method_source (0.8.2)
    minitest (5.9.1)
    mock_redis (0.17.0)
    multi_json (1.12.1)
    multi_xml (0.5.5)
    nenv (0.3.0)
    notiffany (0.1.1)
      nenv (~> 0.1)
      shellany (~> 0.0)
    pry (0.10.4)
      coderay (~> 1.1.0)
      method_source (~> 0.8.1)
      slop (~> 3.4)
    pry-byebug (3.4.0)
      byebug (~> 9.0)
      pry (~> 0.10)
    puma (3.6.0)
    rack (1.6.4)
    rack-attack (5.0.1)
      rack
    rack-contrib (1.4.0)
      git-version-bump (~> 0.15)
      rack (~> 1.4)
    rack-protection (1.5.3)
      rack
    rack-robustness (1.1.0)
    rack-test (0.6.3)
      rack (>= 1.0)
    rake (11.3.0)
    rb-fsevent (0.9.7)
    rb-inotify (0.9.7)
      ffi (>= 0.5.0)
    rbnacl (3.4.0)
      ffi
    rbnacl-libsodium (1.0.10)
      rbnacl (>= 3.0.1)
    redis (3.3.1)
    redis-activesupport (5.0.1)
      activesupport (>= 3, < 6)
      redis-store (~> 1.2.0)
    redis-namespace (1.5.2)
      redis (~> 3.0, >= 3.0.4)
    redis-store (1.2.0)
      redis (>= 2.2)
    rethinkdb (2.3.0.2)
    rollbar (2.13.2)
      multi_json
    rspec (3.5.0)
      rspec-core (~> 3.5.0)
      rspec-expectations (~> 3.5.0)
      rspec-mocks (~> 3.5.0)
    rspec-core (3.5.3)
      rspec-support (~> 3.5.0)
    rspec-expectations (3.5.0)
      diff-lcs (>= 1.2.0, < 2.0)
      rspec-support (~> 3.5.0)
    rspec-mocks (3.5.0)
      diff-lcs (>= 1.2.0, < 2.0)
      rspec-support (~> 3.5.0)
    rspec-support (3.5.0)
    ruby_dep (1.4.0)
    ruby_parser (3.8.2)
      sexp_processor (~> 4.1)
    rufus-scheduler (3.1.10)
    session_keys (1.0.0)
      rbnacl (~> 3.4.0)
      rbnacl-libsodium (~> 1.0)
      zxcvbn-ruby (~> 0.1)
    sexp_processor (4.7.0)
    shellany (0.0.1)
    sidekiq (4.2.2)
      concurrent-ruby (~> 1.0)
      connection_pool (~> 2.2, >= 2.2.0)
      rack-protection (~> 1.5)
      redis (~> 3.2, >= 3.2.1)
    sidekiq-scheduler (2.0.9)
      multi_json (~> 1)
      redis (~> 3)
      rufus-scheduler (~> 3.1.8)
      sidekiq (>= 3)
      tilt (>= 1.4.0)
    sinatra (1.4.7)
      rack (~> 1.5)
      rack-protection (~> 1.4)
      tilt (>= 1.3, < 3)
    sinatra-cross_origin (0.3.2)
    sinatra-param (1.4.0)
      sinatra (~> 1.3)
    sirp (2.0.0)
      hashie (~> 3.4)
      rbnacl-libsodium (~> 1.0)
      sysrandom (~> 1.0)
    slop (3.6.0)
    sysrandom (1.0.3)
    thor (0.19.1)
    thread_safe (0.3.5)
    tierion (1.3.1)
      activesupport (>= 4.0)
      hashie (~> 3.4)
      httparty (~> 0.13)
    tilt (2.0.5)
    tss (0.4.1)
      activesupport (>= 4.0.0)
      binary_struct (~> 2.1)
      contracts (~> 0.14)
      sysrandom (~> 1.0.3, >= 1.0.3)
      thor (~> 0.19)
    tzinfo (1.2.2)
      thread_safe (~> 0.1)
    vault (0.6.0)
    wwtd (1.3.0)
    zxcvbn-ruby (0.1.1)

PLATFORMS
  ruby

DEPENDENCIES
  activesupport (~> 5.0)
  bundler
  dotenv (~> 2.1)
  faker
  fasterer
  guard-puma
  guard-rspec
  jsender (~> 0.2)
  json (~> 2.0)
  mock_redis (~> 0.17)
  pry
  pry-byebug
  puma (~> 3.5)
  rack (~> 1.6)
  rack-attack (~> 5.0)
  rack-contrib (~> 1.4)
  rack-robustness (~> 1.1)
  rack-test
  rake
  rbnacl (~> 3.4)
  rbnacl-libsodium (~> 1.0)
  redis (~> 3.3)
  redis-activesupport (~> 5.0)
  redis-namespace (~> 1.5)
  rethinkdb (~> 2.3)
  rollbar (~> 2.12)
  rspec
  session_keys (= 1.0.0)
  sidekiq (~> 4.2)
  sidekiq-scheduler (~> 2.0)
  sinatra (~> 1.4)
  sinatra-cross_origin (~> 0.3)
  sinatra-param (~> 1.4)
  sirp (~> 2.0.0)
  sysrandom (~> 1.0.3, >= 1.0.3)
  tierion (~> 1.3)
  tss (~> 0.4.1)
  vault (~> 0.6)
  wwtd

RUBY VERSION
   ruby 2.2.5p319

BUNDLED WITH
   1.13.1
