GEM
  remote: https://rubygems.org/
  specs:
    activesupport (4.2.6)
      i18n (~> 0.7)
      json (~> 1.7, >= 1.7.7)
      minitest (~> 5.1)
      thread_safe (~> 0.3, >= 0.3.4)
      tzinfo (~> 1.1)
    blake2 (0.5.0)
    ffi (1.9.10)
    git-version-bump (0.15.1)
    i18n (0.7.0)
    jsender (0.2.0)
    json (1.8.3)
    minitest (5.8.4)
    puma (3.4.0)
    rack (1.6.4)
    rack-attack (4.4.1)
      rack
    rack-attack-rate-limit (1.1.0)
      rack
    rack-contrib (1.4.0)
      git-version-bump (~> 0.15)
      rack (~> 1.4)
    rack-protection (1.5.3)
      rack
    rbnacl (3.4.0)
      ffi
    rbnacl-libsodium (1.0.10)
      rbnacl (>= 3.0.1)
    redis (3.3.0)
    redis-activesupport (4.1.5)
      activesupport (>= 3, < 5)
      redis-store (~> 1.1.0)
    redis-store (1.1.7)
      redis (>= 2.2)
    ruby-prof (0.15.9)
    sinatra (1.4.7)
      rack (~> 1.5)
      rack-protection (~> 1.4)
      tilt (>= 1.3, < 3)
    sinatra-cross_origin (0.3.2)
    sinatra-param (1.4.0)
      sinatra (~> 1.3)
    thread_safe (0.3.5)
    tilt (2.0.5)
    tzinfo (1.2.2)
      thread_safe (~> 0.1)

PLATFORMS
  ruby

DEPENDENCIES
  activesupport (~> 4.2)
  blake2 (~> 0.5)
  bundler (~> 1.12)
  jsender (~> 0.2)
  puma (~> 3.4)
  rack-attack (~> 4.4)
  rack-attack-rate-limit (~> 1.1)
  rack-contrib (~> 1.4)
  rbnacl (~> 3.4)
  rbnacl-libsodium (~> 1.0)
  redis (~> 3.3)
  redis-activesupport (~> 4.1)
  ruby-prof
  sinatra (~> 1.4)
  sinatra-cross_origin (~> 0.3)
  sinatra-param (~> 1.4)

RUBY VERSION
   ruby 2.2.4p230

BUNDLED WITH
   1.12.1
