GIT
  remote: https://github.com/grempe/redistat.git
  revision: ac4e30414ae74cc97aa6511a3cd8213f62716f88
  specs:
    redistat (0.5.0)
      activesupport (>= 2.3.6)
      json (>= 1.4.0)
      redis (>= 2.1.0)
      time_ext (>= 0.2.9)

GEM
  remote: https://rubygems.org/
  specs:
    activesupport (5.0.0)
      concurrent-ruby (~> 1.0, >= 1.0.2)
      i18n (~> 0.7)
      minitest (~> 5.1)
      tzinfo (~> 1.1)
    blake2 (0.5.0)
    concurrent-ruby (1.0.2)
    diff-lcs (1.2.5)
    ffi (1.9.14)
    git-version-bump (0.15.1)
    i18n (0.7.0)
    jsender (0.2.0)
    json (2.0.1)
    minitest (5.9.0)
    puma (3.5.0)
    rack (1.6.4)
    rack-attack (4.4.1)
      rack
    rack-attack-rate-limit (1.1.0)
      rack
    rack-contrib (1.4.0)
      git-version-bump (~> 0.15)
      rack (~> 1.4)
    rack-protection (1.5.3)
      rack
    rack-test (0.6.3)
      rack (>= 1.0)
    rbnacl (3.4.0)
      ffi
    rbnacl-libsodium (1.0.10)
      rbnacl (>= 3.0.1)
    redis (3.3.1)
    redis-activesupport (5.0.1)
      activesupport (>= 3, < 6)
      redis-store (~> 1.2.0)
    redis-store (1.2.0)
      redis (>= 2.2)
    rspec (3.5.0)
      rspec-core (~> 3.5.0)
      rspec-expectations (~> 3.5.0)
      rspec-mocks (~> 3.5.0)
    rspec-core (3.5.1)
      rspec-support (~> 3.5.0)
    rspec-expectations (3.5.0)
      diff-lcs (>= 1.2.0, < 2.0)
      rspec-support (~> 3.5.0)
    rspec-mocks (3.5.0)
      diff-lcs (>= 1.2.0, < 2.0)
      rspec-support (~> 3.5.0)
    rspec-support (3.5.0)
    sinatra (1.4.7)
      rack (~> 1.5)
      rack-protection (~> 1.4)
      tilt (>= 1.3, < 3)
    sinatra-cross_origin (0.3.2)
    sinatra-param (1.4.0)
      sinatra (~> 1.3)
    thread_safe (0.3.5)
    tilt (2.0.5)
    time_ext (0.2.9)
      activesupport (>= 2.3.2)
      i18n (>= 0.4.2)
    tzinfo (1.2.2)
      thread_safe (~> 0.1)

PLATFORMS
  ruby

DEPENDENCIES
  activesupport (~> 5.0)
  blake2 (~> 0.5)
  bundler (= 1.11.2)
  jsender (~> 0.2)
  puma (~> 3.5)
  rack-attack (~> 4.4)
  rack-attack-rate-limit (~> 1.1)
  rack-contrib (~> 1.4)
  rack-test
  rbnacl (~> 3.4)
  rbnacl-libsodium (~> 1.0)
  redis (~> 3.3)
  redis-activesupport (~> 5.0)
  redistat!
  rspec
  sinatra (~> 1.4)
  sinatra-cross_origin (~> 0.3)
  sinatra-param (~> 1.4)

BUNDLED WITH
   1.11.2
