GEM
  remote: https://rubygems.org/
  specs:
    blake2 (0.5.0)
    git-version-bump (0.15.1)
    puma (3.4.0)
    rack (1.6.4)
    rack-contrib (1.4.0)
      git-version-bump (~> 0.15)
      rack (~> 1.4)
    rack-protection (1.5.3)
      rack
    redis (3.3.0)
    ruby-prof (0.15.9)
    simple_uuid (0.4.0)
    sinatra (1.4.7)
      rack (~> 1.5)
      rack-protection (~> 1.4)
      tilt (>= 1.3, < 3)
    sinatra-cross_origin (0.3.2)
    sinatra-param (1.4.0)
      sinatra (~> 1.3)
    tilt (2.0.5)

PLATFORMS
  ruby

DEPENDENCIES
  blake2 (~> 0.5)
  puma (~> 3.4)
  rack-contrib (~> 1.4)
  redis (~> 3.3)
  ruby-prof
  simple_uuid (~> 0.4)
  sinatra (~> 1.4)
  sinatra-cross_origin (~> 0.3)
  sinatra-param (~> 1.4)

RUBY VERSION
   ruby 2.2.4p230

BUNDLED WITH
   1.12.1
